GEM
  remote: http://rubygems.org/
  specs:
    i18n

PLATFORMS
  ruby

DEPENDENCIES
  bundler
  i18n
